GEM
  remote: https://rubygems.org/
  specs:
    addressable (2.7.0)
      public_suffix (>= 2.0.2, < 5.0)
    bigdecimal (2.0.0)
    capybara (3.33.0)
      addressable
      mini_mime (>= 0.1.3)
      nokogiri (~> 1.8)
      rack (>= 1.6.0)
      rack-test (>= 0.6.3)
      regexp_parser (~> 1.5)
      xpath (~> 3.2)
    coderay (1.1.3)
    colorize (0.8.1)
    crack (0.4.3)
      safe_yaml (~> 1.0.0)
    daemons (1.3.1)
    diff-lcs (1.4.4)
    eventmachine (1.2.7)
    faraday (1.0.1)
      multipart-post (>= 1.2, < 3)
    git (1.7.0)
      rchardet (~> 1.8)
    learn-co (4.0.0)
      learn-config (~> 1)
      learn-generate (~> 1)
      learn-hello (~> 1)
      learn-open (~> 1)
      learn-status (~> 1)
      learn-submit (~> 1)
      learn-test (~> 3)
      learn_linter (~> 1)
      netrc (>= 0.11.0)
      thor (>= 0.19.1)
    learn-config (1.0.77)
      learn-web (>= 1.5.0)
      netrc
    learn-generate (1.0.16)
    learn-hello (1.0.1)
      learn-web (>= 1.4.1)
      netrc
    learn-open (1.2.28)
      git
      learn-web (>= 1.5.2)
      netrc
    learn-status (1.0.1)
      colorize
      learn-web (>= 1.2.0)
      netrc
    learn-submit (1.3.1)
      git (~> 1.2)
      learn-web (~> 1.5, >= 1.5.0)
      netrc (~> 0)
    learn-test (3.2.0)
      colorize (~> 0.8.1)
      crack (~> 0.4.3)
      faraday (~> 1.0)
      git (~> 1.7)
      netrc (~> 0.11.0)
      oj (~> 3.10)
      rspec (~> 3.0)
    learn-web (1.5.5)
      faraday (~> 1.0)
      oj (~> 3.10)
    learn_linter (1.7.3)
    method_source (1.0.0)
    mini_mime (1.0.2)
    mini_portile2 (2.4.0)
    multipart-post (2.1.1)
    mustermann (1.1.1)
      ruby2_keywords (~> 0.0.1)
    netrc (0.11.0)
    nokogiri (1.10.10)
      mini_portile2 (~> 2.4.0)
    oj (3.10.12)
      bigdecimal (>= 1.0, < 3)
    pry (0.13.1)
      coderay (~> 1.1)
      method_source (~> 1.0)
    public_suffix (4.0.5)
    rack (2.2.3)
    rack-protection (2.0.8.1)
      rack
    rack-test (1.1.0)
      rack (>= 1.0, < 3)
    rake (13.0.1)
    rchardet (1.8.0)
    regexp_parser (1.7.1)
    require_all (3.0.0)
    rspec (3.9.0)
      rspec-core (~> 3.9.0)
      rspec-expectations (~> 3.9.0)
      rspec-mocks (~> 3.9.0)
    rspec-core (3.9.2)
      rspec-support (~> 3.9.3)
    rspec-expectations (3.9.2)
      diff-lcs (>= 1.2.0, < 2.0)
      rspec-support (~> 3.9.0)
    rspec-mocks (3.9.1)
      diff-lcs (>= 1.2.0, < 2.0)
      rspec-support (~> 3.9.0)
    rspec-support (3.9.3)
    ruby2_keywords (0.0.2)
    safe_yaml (1.0.5)
    shotgun (0.9.2)
      rack (>= 1.0)
    sinatra (2.0.8.1)
      mustermann (~> 1.0)
      rack (~> 2.0)
      rack-protection (= 2.0.8.1)
      tilt (~> 2.0)
    thin (1.7.2)
      daemons (~> 1.0, >= 1.0.9)
      eventmachine (~> 1.0, >= 1.0.4)
      rack (>= 1, < 3)
    thor (1.0.1)
    tilt (2.0.10)
    xpath (3.2.0)
      nokogiri (~> 1.8)

PLATFORMS
  ruby

DEPENDENCIES
  capybara
  learn-co
  pry
  rack-test
  rake
  require_all
  rspec
  shotgun
  sinatra
  thin

BUNDLED WITH
   2.1.4
